GIT
  remote: git://github.com/Satish/restful-authentication.git
  revision: a2f669944c86f2bec46bb248360e556a983140d4
  branch: rails3
  specs:
    restful-authentication (2.0.0.beta1)

GIT
  remote: git://github.com/ambethia/passiverecord.git
  revision: cdf0747243e9bbf067ab6fea8cc6cc8f860112b1
  specs:
    passiverecord (0.2)

GIT
  remote: git://github.com/kartofflly/spawn.git
  revision: 9096752c05b6eb8f5d8e0c24ad74bde4fea583ee
  specs:
    spawn (1.0.1)

GIT
  remote: git://github.com/movableink/spatial_adapter.git
  revision: 8d8702fa6600e5711f1d2c87c78cf28e7cd292d0
  specs:
    spatial_adapter (1.3.1)
      GeoRuby (>= 1.3.0)
      activerecord (>= 2.2.2, < 3.3)

GIT
  remote: git://github.com/shanti-uva/kmaps_engine.git
  revision: fe04449b5e7a514de6773b89944577c456efad20
  tag: v1.1.7
  specs:
    kmaps_engine (1.1.7)
      rails (~> 3.2.13)

GIT
  remote: git://github.com/shanti-uva/shanti_integration.git
  revision: 5f1fb6ad3f3c6416bec5b2678db0823ed6e56c5b
  tag: v2.1.3
  specs:
    shanti_integration (2.1.3)
      rails (~> 3.2.8)

GIT
  remote: git://github.com/shanti-uva/subjects_integration.git
  revision: 307a08e0e5e0710b9a2413e8d67af33569550756
  tag: v0.0.3
  specs:
    subjects_integration (0.0.3)
      rails (~> 3.2.13)

GIT
  remote: git://github.com/thl/active_resource_extensions.git
  revision: 5583301b2dda55a3fdc30e7721c3f860e39cd06f
  tag: v2.0.6
  specs:
    active_resource_extensions (2.0.6)
      rails (~> 3.2.8)

GIT
  remote: git://github.com/thl/acts_as_family_tree.git
  revision: ddbe60858a9814b2c3b3ab25a72ffb9e41a45641
  tag: v1.0.3
  specs:
    acts_as_family_tree (1.0.3)
      rails (~> 3.2.11)

GIT
  remote: git://github.com/thl/authenticated_system.git
  revision: 79554750f8069f1642cea5d2ac1ec402a0bdac0f
  tag: v2.1.1
  specs:
    authenticated_system (2.1.1)
      rails (~> 3.2.8)

GIT
  remote: git://github.com/thl/complex_dates.git
  revision: e28b271280edb340809e62fc82bacf9400e8b2c2
  tag: v2.0.3
  specs:
    complex_dates (2.0.3)
      rails (~> 3.2.11)

GIT
  remote: git://github.com/thl/complex_scripts.git
  revision: a531e71fa205aefa88739d1de8f24ace679fc4f1
  tag: v2.0.7
  specs:
    complex_scripts (2.0.7)
      passiverecord (= 0.2)
      rails (~> 3.2.8)

GIT
  remote: git://github.com/thl/dictionary_integration.git
  revision: 072a7c3bb46da6b84834e75baa5b9dcbf6832a3b
  tag: v2.0.2
  specs:
    dictionary_integration (2.0.2)
      rails (~> 3.2.9)

GIT
  remote: git://github.com/thl/interface_utils.git
  revision: 961ae0cae81f080110968a9478c212e94fec1ca8
  tag: v2.0.5
  specs:
    interface_utils (2.0.5)
      rails (~> 3.2.11)

GIT
  remote: git://github.com/thl/mms_integration.git
  revision: 556f4318617b2bd52080a56872ee6f23185e92df
  tag: v2.0.5
  specs:
    mms_integration (2.0.5)
      rails (~> 3.2.8)

GIT
  remote: git://github.com/thl/places_engine.git
  revision: 99c12ef4e1041ff7c8c527a1be0cfcb19bcb4ead
  tag: v3.1.2
  specs:
    places_engine (3.1.2)
      rails (~> 3.2.11)

GIT
  remote: git://github.com/thl/places_integration.git
  revision: 60583eebf555063cfa30c1395378fd3276f2ae9a
  tag: v2.0.5
  specs:
    places_integration (2.0.5)
      rails (~> 3.2.8)

GIT
  remote: git://github.com/thl/proxy_engine.git
  revision: 0ce77bc3b327701a140a738431bd2cc1f40cf6d2
  tag: v2.0.1
  specs:
    proxy_engine (2.0.1)
      rails (~> 3.2.9)

GIT
  remote: git://github.com/thl/universal_navigation.git
  revision: 79a5b0f2e98dbc4fdb5c4f467e312596231670e4
  tag: v2.0.8
  specs:
    universal_navigation (2.0.8)
      rails (~> 3.2.8)

GEM
  remote: https://rubygems.org/
  specs:
    GeoRuby (1.3.4)
    actionmailer (3.2.13)
      actionpack (= 3.2.13)
      mail (~> 2.5.3)
    actionpack (3.2.13)
      activemodel (= 3.2.13)
      activesupport (= 3.2.13)
      builder (~> 3.0.0)
      erubis (~> 2.7.0)
      journey (~> 1.0.4)
      rack (~> 1.4.5)
      rack-cache (~> 1.2)
      rack-test (~> 0.6.1)
      sprockets (~> 2.2.1)
    activemodel (3.2.13)
      activesupport (= 3.2.13)
      builder (~> 3.0.0)
    activerecord (3.2.13)
      activemodel (= 3.2.13)
      activesupport (= 3.2.13)
      arel (~> 3.0.2)
      tzinfo (~> 0.3.29)
    activeresource (3.2.13)
      activemodel (= 3.2.13)
      activesupport (= 3.2.13)
    activesupport (3.2.13)
      i18n (= 0.6.1)
      multi_json (~> 1.0)
    annotate (2.5.0)
      rake
    arel (3.0.2)
    builder (3.0.4)
    cgi_multipart_eof_fix (2.5.0)
    coffee-rails (3.2.2)
      coffee-script (>= 2.2.0)
      railties (~> 3.2.0)
    coffee-script (2.2.0)
      coffee-script-source
      execjs
    coffee-script-source (1.6.2)
    columnize (0.3.6)
    daemons (1.1.9)
    dynamic_form (1.1.4)
    erubis (2.7.0)
    exception_notification (3.0.1)
      actionmailer (>= 3.0.4)
    execjs (1.4.0)
      multi_json (~> 1.0)
    fastthread (1.0.7)
    gem_plugin (0.2.3)
    georuby (2.0.0)
    hike (1.2.2)
    hpricot (0.8.6)
    i18n (0.6.1)
    journey (1.0.4)
    jquery-rails (2.2.1)
      railties (>= 3.0, < 5.0)
      thor (>= 0.14, < 2.0)
    json (1.7.7)
    libv8 (3.3.10.2)
    linecache (0.46)
      rbx-require-relative (> 0.0.4)
    mail (2.5.3)
      i18n (>= 0.4.0)
      mime-types (~> 1.16)
      treetop (~> 1.4.8)
    makandra_resource_controller (0.8.0)
    memcache-client (1.8.5)
    mime-types (1.23)
    mongrel (1.1.5)
      cgi_multipart_eof_fix (>= 2.4)
      daemons (>= 1.0.3)
      fastthread (>= 1.0.1)
      gem_plugin (>= 0.2.3)
    multi_json (1.7.3)
    newrelic_rpm (3.6.1.88)
    open_id_authentication (1.1.0)
      rack-openid (~> 1.3)
    pg (0.15.1)
    polyglot (0.3.3)
    rack (1.4.5)
    rack-cache (1.2)
      rack (>= 0.4)
    rack-openid (1.3.1)
      rack (>= 1.1.0)
      ruby-openid (>= 2.1.8)
    rack-ssl (1.3.3)
      rack
    rack-test (0.6.2)
      rack (>= 1.0)
    rails (3.2.13)
      actionmailer (= 3.2.13)
      actionpack (= 3.2.13)
      activerecord (= 3.2.13)
      activeresource (= 3.2.13)
      activesupport (= 3.2.13)
      bundler (~> 1.0)
      railties (= 3.2.13)
    railties (3.2.13)
      actionpack (= 3.2.13)
      activesupport (= 3.2.13)
      rack-ssl (~> 1.3.2)
      rake (>= 0.8.7)
      rdoc (~> 3.4)
      thor (>= 0.14.6, < 2.0)
    rake (10.0.4)
    rbx-require-relative (0.0.9)
    rdoc (3.12.2)
      json (~> 1.4)
    ruby-debug (0.10.4)
      columnize (>= 0.1)
      ruby-debug-base (~> 0.10.4.0)
    ruby-debug-base (0.10.4)
      linecache (>= 0.3)
    ruby-openid (2.2.3)
    sass (3.2.8)
    sass-rails (3.2.6)
      railties (~> 3.2.0)
      sass (>= 3.1.10)
      tilt (~> 1.3)
    sprockets (2.2.2)
      hike (~> 1.2)
      multi_json (~> 1.0)
      rack (~> 1.0)
      tilt (~> 1.1, != 1.3.0)
    system_timer (1.2.4)
    therubyracer (0.10.2)
      libv8 (~> 3.3.10)
    thor (0.18.1)
    tilt (1.4.0)
    tinymce-rails (3.5.6)
      railties (>= 3.1.1)
    treetop (1.4.12)
      polyglot
      polyglot (>= 0.3.1)
    tzinfo (0.3.37)
    uglifier (2.0.1)
      execjs (>= 0.3.0)
      multi_json (~> 1.0, >= 1.0.2)
    will_paginate (3.0.4)

PLATFORMS
  ruby

DEPENDENCIES
  active_resource_extensions (= 2.0.6)!
  acts_as_family_tree (= 1.0.3)!
  annotate
  authenticated_system (= 2.1.1)!
  coffee-rails (~> 3.2.1)
  complex_dates (= 2.0.3)!
  complex_scripts (= 2.0.7)!
  dictionary_integration (= 2.0.2)!
  dynamic_form
  exception_notification
  georuby
  hpricot (>= 0.8.6)
  interface_utils (= 2.0.5)!
  jquery-rails
  json
  kmaps_engine (= 1.1.7)!
  libv8 (= 3.3.10.2)
  makandra_resource_controller
  memcache-client
  mms_integration (= 2.0.5)!
  mongrel
  newrelic_rpm
  open_id_authentication
  passiverecord (= 0.2)!
  pg
  places_engine (= 3.1.2)!
  places_integration (= 2.0.5)!
  proxy_engine (= 2.0.1)!
  rack-openid
  rails (= 3.2.13)
  restful-authentication (= 2.0.0.beta1)!
  ruby-debug
  sass-rails (~> 3.2.3)
  shanti_integration (= 2.1.3)!
  spatial_adapter (= 1.3.1)!
  spawn (= 1.0.1)!
  subjects_integration (= 0.0.3)!
  system_timer
  therubyracer (= 0.10.2)
  tinymce-rails (= 3.5.6)
  uglifier (>= 1.0.3)
  universal_navigation (= 2.0.8)!
  will_paginate (~> 3.0)
